GEM
  remote: https://rubygems.org/
  specs:
    blockenspiel (0.4.5)
    minitest (5.2.0)
    sass (3.2.19)
    versionomy (0.4.4)
      blockenspiel (>= 0.4.5)

PLATFORMS
  ruby

DEPENDENCIES
  minitest (= 5.2.0)
  sass (= 3.2.19)
  versionomy (= 0.4.4)
